GEM
  remote: https://rubygems.org/
  specs:
    mini_portile2 (2.8.0)
    nokogiri (1.13.9)
      mini_portile2 (~> 2.8.0)
      racc (~> 1.4)
    racc (1.6.0)
    reverse_markdown (1.0.3)
      nokogiri

PLATFORMS
  ruby

DEPENDENCIES
  nokogiri
  reverse_markdown

BUNDLED WITH
   1.14.6
