GEM
  remote: https://rubygems.org/
  specs:
    mini_portile2 (2.6.1)
    nokogiri (1.12.5)
      mini_portile2 (~> 2.6.1)
      racc (~> 1.4)
    racc (1.5.2)
    reverse_markdown (1.0.3)
      nokogiri

PLATFORMS
  ruby

DEPENDENCIES
  nokogiri
  reverse_markdown

BUNDLED WITH
   1.14.6
